GIT
  remote: git://github.com/danielthor/blink_stick.git
  revision: 0e77dafd70575c6628d8e82d3beec0ab2a5423b3
  specs:
    blink_stick (0.0.1)
      libusb (~> 0.4)

GEM
  remote: https://rubygems.org/
  specs:
    coderay (1.1.0)
    ffi (1.9.3)
    ffi (1.9.3-x64-mingw32)
    httpi (2.1.0)
      rack
      rubyntlm (~> 0.3.2)
    json_pure (1.8.1)
    libusb (0.4.0)
      ffi (>= 1.0)
    libusb (0.4.0-x64-mingw32)
      ffi (>= 1.0)
    method_source (0.8.2)
    pry (0.9.12.6)
      coderay (~> 1.0)
      method_source (~> 0.8)
      slop (~> 3.4)
    rack (1.5.2)
    rubyntlm (0.3.4)
    slop (3.4.7)

PLATFORMS
  ruby
  x64-mingw32

DEPENDENCIES
  blink_stick!
  httpi
  json_pure
  pry
